PATH
  remote: .
  specs:
    nhkore (0.2.0)
      bimyou_segmenter (~> 1.2)
      cri (~> 2.15)
      down (~> 5.1)
      highline (~> 2.0)
      http-cookie (~> 1.0)
      japanese_deinflector (~> 0.0)
      nokogiri (~> 1.10)
      psychgus (~> 1.2)
      public_suffix (~> 4.0)
      rainbow (~> 3.0)
      rubyzip (~> 2.3)
      tiny_segmenter (~> 0.0)
      tty-progressbar (~> 0.17)
      tty-spinner (~> 0.9)
      user-agent-randomizer (~> 0.2)

GEM
  remote: https://rubygems.org/
  specs:
    addressable (2.7.0)
      public_suffix (>= 2.0.2, < 5.0)
    bimyou_segmenter (1.2.0)
    cri (2.15.10)
    domain_name (0.5.20190701)
      unf (>= 0.0.5, < 1.0.0)
    down (5.1.1)
      addressable (~> 2.5)
    highline (2.0.3)
    http-cookie (1.0.3)
      domain_name (~> 0.5)
    japanese_deinflector (0.0.2)
    mini_portile2 (2.4.0)
    minitest (5.14.0)
    nokogiri (1.10.9)
      mini_portile2 (~> 2.4.0)
    psych (3.1.0)
    psychgus (1.2.2)
      psych (>= 3.0)
    public_suffix (4.0.4)
    rainbow (3.0.0)
    rake (13.0.1)
    raketeer (0.2.9)
      rake
    rdoc (6.2.1)
    redcarpet (3.5.0)
    rubyzip (2.3.0)
    strings-ansi (0.1.0)
    tiny_segmenter (0.0.6)
    tty-cursor (0.7.1)
    tty-progressbar (0.17.0)
      strings-ansi (~> 0.1.0)
      tty-cursor (~> 0.7)
      tty-screen (~> 0.7)
      unicode-display_width (~> 1.6)
    tty-screen (0.7.1)
    tty-spinner (0.9.3)
      tty-cursor (~> 0.7)
    unf (0.1.4)
      unf_ext
    unf_ext (0.0.7.7)
    unicode-display_width (1.7.0)
    user-agent-randomizer (0.2.0)
    yard (0.9.24)
    yard_ghurt (1.2.0)
      rake

PLATFORMS
  ruby

DEPENDENCIES
  bundler (~> 2.1)
  minitest (~> 5.14)
  nhkore!
  rake (~> 13.0)
  raketeer (~> 0.2)
  rdoc (~> 6.2)
  redcarpet (~> 3.5)
  yard (~> 0.9)
  yard_ghurt (~> 1.2)

BUNDLED WITH
   2.1.2
