PATH
  remote: .
  specs:
    nhkore (0.4.0)
      attr_bool (~> 0.3)
      bimyou_segmenter (~> 1.2)
      cri (~> 2.15)
      csv (~> 3.3)
      down (~> 5.4)
      highline (~> 3.1)
      http-cookie (~> 1.0)
      japanese_deinflector (~> 0.0)
      nokogiri (~> 1)
      psychgus (~> 1.3)
      public_suffix (~> 6.0)
      rainbow (~> 3.1)
      ronin-web-user_agents (~> 0.1)
      rss (~> 0.3)
      rubyzip (~> 3.0.rc2)
      tiny_segmenter (~> 0.0)
      tty-progressbar (~> 0.18)
      tty-spinner (~> 0.9)

GEM
  remote: https://rubygems.org/
  specs:
    addressable (2.8.7)
      public_suffix (>= 2.0.2, < 7.0)
    attr_bool (0.3.1)
    bimyou_segmenter (1.2.0)
    cri (2.15.12)
    csv (3.3.5)
    date (3.4.1)
    docile (1.4.1)
    domain_name (0.6.20240107)
    down (5.4.2)
      addressable (~> 2.8)
    erb (5.0.1)
    highline (3.1.2)
      reline
    http-cookie (1.0.8)
      domain_name (~> 0.5)
    io-console (0.8.0)
    japanese_deinflector (0.0.2)
    mini_portile2 (2.8.9)
    minitest (5.25.5)
    nokogiri (1.18.8)
      mini_portile2 (~> 2.8.2)
      racc (~> 1.4)
    psych (5.2.6)
      date
      stringio
    psychgus (1.3.7)
      psych (>= 3.0)
    public_suffix (6.0.2)
    racc (1.8.1)
    rainbow (3.1.1)
    rake (13.3.0)
    rdoc (6.14.1)
      erb
      psych (>= 4.0.0)
    redcarpet (3.6.1)
    reline (0.6.1)
      io-console (~> 0.5)
    rexml (3.4.1)
    ronin-web-user_agents (0.1.1)
    rss (0.3.1)
      rexml
    rubyzip (3.0.0.rc2)
    simplecov (0.22.0)
      docile (~> 1.1)
      simplecov-html (~> 0.11)
      simplecov_json_formatter (~> 0.1)
    simplecov-html (0.13.1)
    simplecov_json_formatter (0.1.4)
    stringio (3.1.7)
    strings-ansi (0.2.0)
    tiny_segmenter (0.0.6)
    tty-cursor (0.7.1)
    tty-progressbar (0.18.3)
      strings-ansi (~> 0.2)
      tty-cursor (~> 0.7)
      tty-screen (~> 0.8)
      unicode-display_width (>= 1.6, < 3.0)
    tty-screen (0.8.2)
    tty-spinner (0.9.3)
      tty-cursor (~> 0.7)
    unicode-display_width (2.6.0)
    yard (0.9.37)

PLATFORMS
  ruby

DEPENDENCIES
  bundler (~> 2.6)
  minitest (~> 5.25)
  nhkore!
  rake (~> 13.3)
  rdoc (~> 6.14)
  redcarpet (~> 3.6)
  simplecov (~> 0.22)
  yard (~> 0.9)

BUNDLED WITH
   2.6.8
