PATH
  remote: .
  specs:
    nhkore (0.3.7)
      attr_bool (~> 0.2)
      bimyou_segmenter (~> 1.2)
      cri (~> 2.15)
      down (~> 5.2)
      highline (~> 2.0)
      http-cookie (~> 1.0)
      japanese_deinflector (~> 0.0)
      nokogiri (~> 1.11)
      psychgus (~> 1.3)
      public_suffix (~> 4.0)
      rainbow (~> 3.0)
      rubyzip (~> 2.3)
      tiny_segmenter (~> 0.0)
      tty-progressbar (~> 0.18)
      tty-spinner (~> 0.9)

GEM
  remote: https://rubygems.org/
  specs:
    addressable (2.7.0)
      public_suffix (>= 2.0.2, < 5.0)
    attr_bool (0.2.2)
    bimyou_segmenter (1.2.0)
    cri (2.15.11)
    domain_name (0.5.20190701)
      unf (>= 0.0.5, < 1.0.0)
    down (5.2.2)
      addressable (~> 2.5)
    highline (2.0.3)
    http-cookie (1.0.4)
      domain_name (~> 0.5)
    japanese_deinflector (0.0.2)
    mini_portile2 (2.5.3)
    minitest (5.14.4)
    nokogiri (1.11.7)
      mini_portile2 (~> 2.5.0)
      racc (~> 1.4)
    psych (4.0.1)
    psychgus (1.3.4)
      psych (>= 3.0)
    public_suffix (4.0.6)
    racc (1.5.2)
    rainbow (3.0.0)
    rake (13.0.3)
    raketeer (0.2.13)
      rake
    rdoc (6.3.1)
    redcarpet (3.5.1)
    rubyzip (2.3.0)
    strings-ansi (0.2.0)
    tiny_segmenter (0.0.6)
    tty-cursor (0.7.1)
    tty-progressbar (0.18.2)
      strings-ansi (~> 0.2)
      tty-cursor (~> 0.7)
      tty-screen (~> 0.8)
      unicode-display_width (>= 1.6, < 3.0)
    tty-screen (0.8.1)
    tty-spinner (0.9.3)
      tty-cursor (~> 0.7)
    unf (0.1.4)
      unf_ext
    unf_ext (0.0.7.7)
    unicode-display_width (2.0.0)
    yard (0.9.26)
    yard_ghurt (1.2.1)
      rake
      yard

PLATFORMS
  ruby

DEPENDENCIES
  bundler (~> 2.2)
  minitest (~> 5.14)
  nhkore!
  rake (~> 13.0)
  raketeer (~> 0.2)
  rdoc (~> 6.3)
  redcarpet (~> 3.5)
  yard (~> 0.9)
  yard_ghurt (~> 1.2)

BUNDLED WITH
   2.2.20
